GEM
  remote: http://rubygems.org/
  remote: http://gemcutter.org/
  specs:
    addressable (2.2.7)
    configliere (0.4.8)
      json
    extlib (0.9.15)
    htmlentities (4.3.1)
    json (1.6.6)
    wukong (2.0.2)
      addressable
      configliere
      extlib
      htmlentities

PLATFORMS
  ruby

DEPENDENCIES
  wukong
